PATH
  remote: ../../attributor
  specs:
    attributor (2.0.0)
      hashie
      randexp

PATH
  remote: ../../skeletor
  specs:
    skeletor (2.0.0)
      attributor (~> 2.0)
      global_session (>= 2.0.0, < 4.0.0)
      hydraulic_brake (~> 0.1.0)
      mime
      pony
      rack-contrib
      rack-mount
      right_support (>= 2.6.8, < 3.0)
      ruport
      sinatra (= 1.3.6)
      sinatra-contrib (= 1.3.2)
      taylor (~> 3.0)
      terminal-table

PATH
  remote: ../../taylor
  specs:
    taylor (3.0.0)
      activesupport (>= 2.3.5, < 4.0)
      attributor
      randexp
      sequel

GEM
  remote: https://rubygems.org/
  specs:
    activesupport (3.2.18)
      i18n (~> 0.6, >= 0.6.4)
      multi_json (~> 1.0)
    backports (3.6.0)
    binding_of_caller (0.7.2)
      debug_inspector (>= 0.0.1)
    builder (3.2.2)
    byebug (2.7.0)
      columnize (~> 0.3)
      debugger-linecache (~> 1.2)
    celluloid (0.15.2)
      timers (~> 1.1.0)
    coderay (1.1.0)
    color (1.6)
    columnize (0.8.9)
    debug_inspector (0.0.2)
    debugger-linecache (1.2.0)
    diff-lcs (1.2.5)
    docile (1.1.4)
    eventmachine (1.0.3)
    fastercsv (1.5.5)
    ffi (1.9.3)
    formatador (0.2.5)
    fuubar (1.3.3)
      rspec (>= 2.14.0, < 3.1.0)
      ruby-progressbar (~> 1.4)
    global_session (3.0.4)
      json (~> 1.4)
      rack-contrib (~> 1.0)
      right_support (>= 2.8.2, < 3.0)
      simple_uuid (>= 0.2.0)
    guard (2.6.1)
      formatador (>= 0.2.4)
      listen (~> 2.7)
      lumberjack (~> 1.0)
      pry (>= 0.9.12)
      thor (>= 0.18.1)
    guard-rspec (4.2.10)
      guard (~> 2.1)
      rspec (>= 2.14, < 4.0)
    hashie (3.0.0)
    hydraulic_brake (0.1.0)
      builder
    i18n (0.6.9)
    json (1.8.1)
    listen (2.7.7)
      celluloid (>= 0.15.2)
      rb-fsevent (>= 0.9.3)
      rb-inotify (>= 0.9)
    lumberjack (1.0.6)
    mail (2.6.1)
      mime-types (>= 1.16, < 3)
    method_source (0.8.2)
    mime (0.4.1)
    mime-types (2.3)
    multi_json (1.10.1)
    pdf-writer (1.1.8)
      color (>= 1.4.0)
      transaction-simple (~> 1.3)
    pony (1.8)
      mail (>= 2.0)
    pry (0.9.12.6)
      coderay (~> 1.0)
      method_source (~> 0.8)
      slop (~> 3.4)
    pry-byebug (1.3.2)
      byebug (~> 2.7)
      pry (~> 0.9.12)
    pry-stack_explorer (0.4.9.1)
      binding_of_caller (>= 0.7)
      pry (>= 0.9.11)
    rack (1.5.2)
    rack-contrib (1.1.0)
      rack (>= 0.9.1)
    rack-mount (0.8.3)
      rack (>= 1.0.0)
    rack-protection (1.5.3)
      rack
    rack-test (0.6.2)
      rack (>= 1.0)
    rake (10.3.2)
    randexp (0.1.7)
    rb-fsevent (0.9.4)
    rb-inotify (0.9.5)
      ffi (>= 0.5.0)
    right_support (2.8.23)
    rspec (3.0.0)
      rspec-core (~> 3.0.0)
      rspec-expectations (~> 3.0.0)
      rspec-mocks (~> 3.0.0)
    rspec-core (3.0.1)
      rspec-support (~> 3.0.0)
    rspec-expectations (3.0.1)
      diff-lcs (>= 1.2.0, < 2.0)
      rspec-support (~> 3.0.0)
    rspec-mocks (3.0.1)
      rspec-support (~> 3.0.0)
    rspec-support (3.0.0)
    ruby-progressbar (1.5.1)
    ruport (1.6.3)
      fastercsv
      pdf-writer (= 1.1.8)
    sequel (4.11.0)
    simple_uuid (0.4.0)
    simplecov (0.8.2)
      docile (~> 1.1.0)
      multi_json
      simplecov-html (~> 0.8.0)
    simplecov-html (0.8.0)
    sinatra (1.3.6)
      rack (~> 1.4)
      rack-protection (~> 1.3)
      tilt (~> 1.3, >= 1.3.3)
    sinatra-contrib (1.3.2)
      backports (>= 2.0)
      eventmachine
      rack-protection
      rack-test
      sinatra (~> 1.3.0)
      tilt (~> 1.3)
    slop (3.5.0)
    terminal-table (1.4.5)
    thor (0.19.1)
    tilt (1.4.1)
    timers (1.1.0)
    transaction-simple (1.4.0.2)

PLATFORMS
  ruby

DEPENDENCIES
  activesupport
  attributor!
  bundler
  fuubar
  guard
  guard-rspec
  pry
  pry-byebug
  pry-stack_explorer
  rack-mount
  rack-test
  rake
  rspec
  simplecov
  skeletor!
  taylor!
