GIT
  remote: git@github.com:rightscale/attributor.git
  revision: b3285f6883cf390fdbbeaa20e8356b00223c54d2
  branch: master
  specs:
    attributor (2.0.0)
      hashie
      randexp

GIT
  remote: git@github.com:rightscale/taylor.git
  revision: 269999b82e05fa4d0318a1c46fca9a59b5be2658
  branch: master
  specs:
    taylor (3.0.0)
      activesupport (>= 2.3.5, < 4.0)
      attributor
      randexp
      sequel

GEM
  remote: https://rubygems.org/
  specs:
    activesupport (3.2.19)
      i18n (~> 0.6, >= 0.6.4)
      multi_json (~> 1.0)
    binding_of_caller (0.7.2)
      debug_inspector (>= 0.0.1)
    builder (3.2.2)
    byebug (2.7.0)
      columnize (~> 0.3)
      debugger-linecache (~> 1.2)
    celluloid (0.15.2)
      timers (~> 1.1.0)
    coderay (1.1.0)
    color (1.6)
    colored (1.2)
    columnize (0.8.9)
    debug_inspector (0.0.2)
    debugger-linecache (1.2.0)
    diff-lcs (1.2.5)
    docile (1.1.4)
    extlib (0.9.16)
    fastercsv (1.5.5)
    ffi (1.9.3)
    formatador (0.2.5)
    fuubar (2.0.0.rc1)
      rspec (~> 3.0.rc1)
      ruby-progressbar (~> 1.4)
    guard (2.6.1)
      formatador (>= 0.2.4)
      listen (~> 2.7)
      lumberjack (~> 1.0)
      pry (>= 0.9.12)
      thor (>= 0.18.1)
    guard-bundler (2.0.0)
      bundler (~> 1.0)
      guard (~> 2.2)
    guard-rspec (4.2.10)
      guard (~> 2.1)
      rspec (>= 2.14, < 4.0)
    hashie (3.2.0)
    i18n (0.6.11)
    listen (2.7.7)
      celluloid (>= 0.15.2)
      rb-fsevent (>= 0.9.3)
      rb-inotify (>= 0.9)
    lumberjack (1.0.6)
    method_source (0.8.2)
    mime (0.4.1)
    multi_json (1.10.1)
    mustermann (0.2.0)
    pdf-writer (1.1.8)
      color (>= 1.4.0)
      transaction-simple (~> 1.3)
    pry (0.9.12.6)
      coderay (~> 1.0)
      method_source (~> 0.8)
      slop (~> 3.4)
    pry-byebug (1.3.2)
      byebug (~> 2.7)
      pry (~> 0.9.12)
    pry-stack_explorer (0.4.9.1)
      binding_of_caller (>= 0.7)
      pry (>= 0.9.11)
    rack (1.5.2)
    rack-test (0.6.2)
      rack (>= 1.0)
    rake (10.3.2)
    rake-notes (0.2.0)
      colored
      rake
    randexp (0.1.7)
    rb-fsevent (0.9.4)
    rb-inotify (0.9.5)
      ffi (>= 0.5.0)
    right_aws (3.1.0)
      right_http_connection (>= 1.2.5)
    right_develop (3.0.1)
      builder (~> 3.0)
      extlib
      rack
      right_aws (>= 2.1.0)
      right_git (>= 1.0)
      right_support (>= 2.8.10)
      trollop (>= 1.0, < 3.0)
    right_git (1.0.0)
      right_support (>= 2.8.10)
    right_http_connection (1.4.0)
    right_support (2.8.27)
    rspec (3.0.0)
      rspec-core (~> 3.0.0)
      rspec-expectations (~> 3.0.0)
      rspec-mocks (~> 3.0.0)
    rspec-collection_matchers (0.0.4)
      rspec-expectations (>= 2.99.0.beta1)
    rspec-core (3.0.2)
      rspec-support (~> 3.0.0)
    rspec-expectations (3.0.2)
      diff-lcs (>= 1.2.0, < 2.0)
      rspec-support (~> 3.0.0)
    rspec-its (1.0.1)
      rspec-core (>= 2.99.0.beta1)
      rspec-expectations (>= 2.99.0.beta1)
    rspec-mocks (3.0.2)
      rspec-support (~> 3.0.0)
    rspec-support (3.0.2)
    ruby-progressbar (1.5.1)
    ruport (1.6.3)
      fastercsv
      pdf-writer (= 1.1.8)
    sequel (4.13.0)
    simplecov (0.8.2)
      docile (~> 1.1.0)
      multi_json
      simplecov-html (~> 0.8.0)
    simplecov-html (0.8.0)
    slop (3.5.0)
    thor (0.19.1)
    timers (1.1.0)
    transaction-simple (1.4.0.2)
    trollop (2.0)

PLATFORMS
  ruby

DEPENDENCIES
  activesupport
  attributor!
  bundler
  fuubar (= 2.0.0.rc1)
  guard
  guard-bundler
  guard-rspec
  mime
  mustermann
  pry
  pry-byebug
  pry-stack_explorer
  rack
  rack-test
  rake
  rake-notes
  right_develop (~> 3.0)
  right_support (~> 2.8)
  rspec
  rspec-collection_matchers
  rspec-its
  ruport
  simplecov
  taylor!
  thor
